GEM
  remote: https://rubygems.org/
  specs:
    rack (2.0.3)
    rack-test (0.7.0)
      rack (>= 1.0, < 3)

PLATFORMS
  ruby

DEPENDENCIES
  rack
  rack-test

BUNDLED WITH
   1.15.1
